GIT
  remote: git://github.com/ixti/toto.git
  revision: 5847da2ca5950b129c4c330a1ce023051a4587b6
  specs:
    toto (0.4.9)
      builder
      rack
      rdiscount

GEM
  remote: https://rubygems.org/
  specs:
    builder (3.0.0)
    chunky_png (1.2.5)
    compass (0.12.1)
      chunky_png (~> 1.2)
      fssm (>= 0.2.7)
      sass (~> 3.1)
    fssm (0.2.9)
    rack (1.4.1)
    rdiscount (1.6.8)
    sass (3.1.15)

PLATFORMS
  ruby

DEPENDENCIES
  builder
  compass
  rdiscount
  toto!
